PATH
  remote: .
  specs:
    log_in_file (0.1.0)

GEM
  remote: https://rubygems.org/
  specs:
    minitest (5.20.0)
    minitest-color (0.0.2)
      minitest (~> 5)
    rake (12.3.3)

PLATFORMS
  ruby

DEPENDENCIES
  log_in_file!
  minitest (~> 5.0)
  minitest-color
  rake (~> 12.0)

BUNDLED WITH
   2.1.4
